GEM
  remote: https://rubygems.org/
  specs:
    diff-lcs (1.2.4)
    jdbc-mysql (5.1.25)
    jdbc-sqlite3 (3.7.2.1)
    puma (2.6.0-java)
      rack (>= 1.1, < 2.0)
    rack (1.5.2)
    rack-protection (1.5.0)
      rack
    rspec (2.14.1)
      rspec-core (~> 2.14.0)
      rspec-expectations (~> 2.14.0)
      rspec-mocks (~> 2.14.0)
    rspec-core (2.14.5)
    rspec-expectations (2.14.3)
      diff-lcs (>= 1.1.3, < 2.0)
    rspec-mocks (2.14.3)
    sequel (4.3.0)
    sinatra (1.4.3)
      rack (~> 1.4)
      rack-protection (~> 1.4)
      tilt (~> 1.3, >= 1.3.4)
    tilt (1.4.1)

PLATFORMS
  java

DEPENDENCIES
  jdbc-mysql
  jdbc-sqlite3
  puma
  rack
  rspec
  sequel
  sinatra
